GEM
  remote: https://rubygems.org/
  specs:
    Platform (0.4.0)
    RedCloth (4.2.9)
    addressable (2.3.8)
    byebug (4.0.5)
      columnize (= 0.9.0)
    celluloid (0.16.0)
      timers (~> 4.0.0)
    columnize (0.9.0)
    cookiejar (0.3.2)
    daemons (1.2.2)
    diff-lcs (1.2.5)
    em-eventsource (0.2.0)
      em-http-request (>= 1.0.0)
      eventmachine (>= 1.0.0.beta3)
    em-http-request (1.1.2)
      addressable (>= 2.3.4)
      cookiejar
      em-socksify (>= 0.3)
      eventmachine (>= 1.0.3)
      http_parser.rb (>= 0.6.0)
    em-socksify (0.3.0)
      eventmachine (>= 1.0.0.beta.4)
    eventmachine (1.0.7)
    execjs (2.5.0)
    ffi (1.9.8)
    filewatcher (0.4.0)
      trollop (~> 2.0)
    github-markup (1.3.3)
    hitimes (1.2.2)
    http_parser.rb (0.6.0)
    jasmine (2.2.0)
      jasmine-core (~> 2.2)
      phantomjs
      rack (>= 1.2.1)
      rake
    jasmine-core (2.2.0)
    jshintrb (0.3.0)
      execjs
      multi_json (>= 1.3)
      rake
    json (1.8.2)
    libv8 (3.16.14.7)
    listen (2.10.0)
      celluloid (~> 0.16.0)
      rb-fsevent (>= 0.9.3)
      rb-inotify (>= 0.9)
    mini_portile (0.6.2)
    multi_json (1.11.0)
    net-http-persistent (2.9.4)
    nginx_test_helper (0.4.1)
      popen4
    nokogiri (1.6.6.2)
      mini_portile (~> 0.6.0)
    open4 (1.3.4)
    phantomjs (1.9.8.0)
    popen4 (0.1.2)
      Platform (>= 0.4.0)
      open4 (>= 0.4.0)
    rack (1.6.0)
    rake (10.4.2)
    rb-fsevent (0.9.4)
    rb-inotify (0.9.5)
      ffi (>= 0.5.0)
    ref (1.0.5)
    rspec (3.2.0)
      rspec-core (~> 3.2.0)
      rspec-expectations (~> 3.2.0)
      rspec-mocks (~> 3.2.0)
    rspec-core (3.2.3)
      rspec-support (~> 3.2.0)
    rspec-expectations (3.2.1)
      diff-lcs (>= 1.2.0, < 2.0)
      rspec-support (~> 3.2.0)
    rspec-mocks (3.2.1)
      diff-lcs (>= 1.2.0, < 2.0)
      rspec-support (~> 3.2.0)
    rspec-support (3.2.2)
    therubyracer (0.12.2)
      libv8 (~> 3.16.14.0)
      ref
    thin (1.6.3)
      daemons (~> 1.0, >= 1.0.9)
      eventmachine (~> 1.0)
      rack (~> 1.0)
    timers (4.0.1)
      hitimes
    trollop (2.1.2)
    websocket (1.2.1)
    websocket-eventmachine-base (1.1.0)
      eventmachine (~> 1.0)
      websocket (~> 1.0)
      websocket-native (~> 1.0)
    websocket-eventmachine-client (1.1.0)
      websocket-eventmachine-base (~> 1.0)
    websocket-native (1.0.0)

PLATFORMS
  ruby

DEPENDENCIES
  RedCloth
  byebug
  em-eventsource
  filewatcher
  github-markup
  jasmine
  jshintrb
  json
  listen
  net-http-persistent
  nginx_test_helper (~> 0.4.0)
  nokogiri
  rake
  rb-fsevent
  rb-inotify
  rspec
  therubyracer
  thin
  websocket-eventmachine-client
